GEM
  remote: https://rubygems.org/
  specs:
    addressable (2.8.0)
      public_suffix (>= 2.0.2, < 5.0)
    ansi (1.5.0)
    ast (2.4.2)
    awesome_print (1.9.2)
    bcrypt (3.1.17)
    builder (3.2.4)
    byebug (11.1.3)
    capybara (3.36.0)
      addressable
      matrix
      mini_mime (>= 0.1.3)
      nokogiri (~> 1.8)
      rack (>= 1.6.0)
      rack-test (>= 0.6.3)
      regexp_parser (>= 1.5, < 3.0)
      xpath (~> 3.2)
    chunky_png (1.4.0)
    coderay (1.1.3)
    concurrent-ruby (1.1.10)
    digest (3.1.0)
    dotenv (2.7.6)
    ffi (1.15.5)
    haml (5.2.2)
      temple (>= 0.8.0)
      tilt
    io-wait (0.2.1)
    kramdown (2.3.2)
      rexml
    listen (3.7.1)
      rb-fsevent (~> 0.10, >= 0.10.3)
      rb-inotify (~> 0.9, >= 0.9.10)
    mail (2.7.1)
      mini_mime (>= 0.1.1)
    matrix (0.4.2)
    method_source (1.0.0)
    mini_mime (1.1.2)
    minitest (5.15.0)
    minitest-hooks (1.5.0)
      minitest (> 5.3)
    minitest-reporters (1.5.0)
      ansi
      builder
      minitest (>= 5.0)
      ruby-progressbar
    net-protocol (0.1.2)
      io-wait
      timeout
    net-smtp (0.3.1)
      digest
      net-protocol
      timeout
    nio4r (2.5.8)
    nokogiri (1.13.5-x86_64-linux)
      racc (~> 1.4)
    parallel (1.22.0)
    parser (3.1.1.0)
      ast (~> 2.4.1)
    pastel (0.8.0)
      tty-color (~> 0.5)
    pg (1.3.4)
    pry (0.13.1)
      coderay (~> 1.1)
      method_source (~> 1.0)
    pry-byebug (3.9.0)
      byebug (~> 11.0)
      pry (~> 0.13.0)
    public_suffix (4.0.6)
    puma (5.6.4)
      nio4r (~> 2.0)
    racc (1.6.0)
    rack (2.2.3)
    rack-test (1.1.0)
      rack (>= 1.0, < 3)
    rainbow (3.1.1)
    rake (13.0.6)
    rb-fsevent (0.11.1)
    rb-inotify (0.10.1)
      ffi (~> 1.0)
    regexp_parser (2.2.1)
    rerun (0.13.1)
      listen (~> 3.0)
    rexml (3.2.5)
    roda (3.54.0)
      rack
    roda-enhanced_logger (0.4.0)
      roda (>= 3.19.0)
      tty-logger (>= 0.3, < 1.0)
    rodauth (2.22.0)
      roda (>= 2.6.0)
      sequel (>= 4)
    rotp (6.2.0)
    rqrcode (2.1.1)
      chunky_png (~> 1.0)
      rqrcode_core (~> 1.0)
    rqrcode_core (1.2.0)
    rubocop (1.26.0)
      parallel (~> 1.10)
      parser (>= 3.1.0.0)
      rainbow (>= 2.2.2, < 4.0)
      regexp_parser (>= 1.8, < 3.0)
      rexml
      rubocop-ast (>= 1.16.0, < 2.0)
      ruby-progressbar (~> 1.7)
      unicode-display_width (>= 1.4.0, < 3.0)
    rubocop-ast (1.16.0)
      parser (>= 3.1.1.0)
    rubocop-performance (1.13.3)
      rubocop (>= 1.7.0, < 2.0)
      rubocop-ast (>= 0.4.0)
    ruby-progressbar (1.11.0)
    ruby_http_client (3.5.5)
    sendgrid-ruby (6.6.2)
      ruby_http_client (~> 3.4)
    sequel (5.54.0)
    sequel_pg (1.15.0)
      pg (>= 0.18.0, != 1.2.0)
      sequel (>= 4.38.0)
    standard (1.8.0)
      rubocop (= 1.26.0)
      rubocop-performance (= 1.13.3)
    sucker_punch (3.0.1)
      concurrent-ruby (~> 1.0)
    temple (0.8.2)
    tilt (2.0.10)
    timeout (0.2.0)
    tty-color (0.6.0)
    tty-logger (0.6.0)
      pastel (~> 0.8)
    unicode-display_width (2.1.0)
    xpath (3.2.0)
      nokogiri (~> 1.8)

PLATFORMS
  x86_64-linux

DEPENDENCIES
  awesome_print (~> 1.9, >= 1.9.2)
  bcrypt (~> 3.1, >= 3.1.16)
  capybara (~> 3.35, >= 3.35.3)
  dotenv (~> 2.7, >= 2.7.6)
  haml (~> 5.2, >= 5.2.1)
  kramdown (~> 2.3, >= 2.3.1)
  mail (~> 2.7, >= 2.7.1)
  minitest (~> 5.14, >= 5.14.4)
  minitest-hooks (~> 1.5)
  minitest-reporters (~> 1.4, >= 1.4.3)
  net-smtp (~> 0.3.1)
  nokogiri (>= 1.13.4)
  pg (~> 1.2, >= 1.2.3)
  pry-byebug (~> 3.9)
  puma (~> 5.6)
  rack-test (~> 1.1)
  rake (~> 13.0, >= 13.0.6)
  rerun (~> 0.13.1)
  roda (~> 3.48)
  roda-enhanced_logger (~> 0.4.0)
  rodauth (~> 2.17)
  rotp (~> 6.2)
  rqrcode (~> 2.1)
  sendgrid-ruby (~> 6.4)
  sequel (~> 5.48)
  sequel_pg (~> 1.14)
  standard (~> 1.3)
  sucker_punch (~> 3.0, >= 3.0.1)

BUNDLED WITH
   2.3.7
